GEM
  remote: http://rubygems.org/
  specs:
    activesupport (6.1.7.10)
      concurrent-ruby (~> 1.0, >= 1.0.2)
      i18n (>= 1.6, < 2)
      minitest (>= 5.1)
      tzinfo (~> 2.0)
      zeitwerk (~> 2.3)
    addressable (2.8.7)
      public_suffix (>= 2.0.2, < 7.0)
    ast (2.4.3)
    aws-eventstream (1.3.2)
    aws-partitions (1.1064.0)
    aws-sdk-core (3.220.1)
      aws-eventstream (~> 1, >= 1.3.0)
      aws-partitions (~> 1, >= 1.992.0)
      aws-sigv4 (~> 1.9)
      base64
      jmespath (~> 1, >= 1.6.1)
    aws-sdk-kms (1.99.0)
      aws-sdk-core (~> 3, >= 3.216.0)
      aws-sigv4 (~> 1.5)
    aws-sdk-s3 (1.182.0)
      aws-sdk-core (~> 3, >= 3.216.0)
      aws-sdk-kms (~> 1)
      aws-sigv4 (~> 1.5)
    aws-sigv4 (1.11.0)
      aws-eventstream (~> 1, >= 1.0.2)
    base64 (0.2.0)
    bigdecimal (3.1.9)
    concurrent-ruby (1.3.5)
    crack (1.0.0)
      bigdecimal
      rexml
    diff-lcs (1.5.1)
    docile (1.4.1)
    factory_bot (6.5.0)
      activesupport (>= 5.0.0)
    faker (3.5.1)
      i18n (>= 1.8.11, < 2)
    faraday (2.13.0)
      faraday-net_http (>= 2.0, < 3.5)
      json
      logger
    faraday-net_http (3.4.0)
      net-http (>= 0.5.0)
    hashdiff (1.1.2)
    i18n (1.14.7)
      concurrent-ruby (~> 1.0)
    jmespath (1.6.2)
    json (2.10.2)
    language_server-protocol (3.17.0.4)
    lint_roller (1.1.0)
    logger (1.7.0)
    minitest (5.25.5)
    multi_json (1.15.0)
    mustermann (3.0.3)
      ruby2_keywords (~> 0.0.1)
    mysql2 (0.5.6)
    net-http (0.6.0)
      uri
    nio4r (2.7.4)
    opensearch-ruby (3.4.0)
      faraday (>= 1.0, < 3)
      multi_json (>= 1.0)
    parallel (1.26.3)
    parser (3.3.7.3)
      ast (~> 2.4.1)
      racc
    public_suffix (6.0.1)
    puma (6.6.0)
      nio4r (~> 2.0)
    racc (1.8.1)
    rack (3.1.12)
    rack-protection (4.1.1)
      base64 (>= 0.1.0)
      logger (>= 1.6.0)
      rack (>= 3.0.0, < 4)
    rack-session (2.0.0)
      rack (>= 3.0.0)
    rack-test (2.2.0)
      rack (>= 1.3)
    rainbow (3.1.1)
    rake (13.2.1)
    regexp_parser (2.10.0)
    require_all (3.0.0)
    rexml (3.4.1)
    rspec (3.13.0)
      rspec-core (~> 3.13.0)
      rspec-expectations (~> 3.13.0)
      rspec-mocks (~> 3.13.0)
    rspec-core (3.13.2)
      rspec-support (~> 3.13.0)
    rspec-expectations (3.13.3)
      diff-lcs (>= 1.2.0, < 2.0)
      rspec-support (~> 3.13.0)
    rspec-mocks (3.13.2)
      diff-lcs (>= 1.2.0, < 2.0)
      rspec-support (~> 3.13.0)
    rspec-support (3.13.1)
    rubocop (1.74.0)
      json (~> 2.3)
      language_server-protocol (~> 3.17.0.2)
      lint_roller (~> 1.1.0)
      parallel (~> 1.10)
      parser (>= 3.3.0.2)
      rainbow (>= 2.2.2, < 4.0)
      regexp_parser (>= 2.9.3, < 3.0)
      rubocop-ast (>= 1.38.0, < 2.0)
      ruby-progressbar (~> 1.7)
      unicode-display_width (>= 2.4.0, < 4.0)
    rubocop-ast (1.41.0)
      parser (>= 3.3.7.2)
    rubocop-capybara (2.22.1)
      lint_roller (~> 1.1)
      rubocop (~> 1.72, >= 1.72.1)
    rubocop-govuk (5.1.1)
      rubocop (= 1.74.0)
      rubocop-ast (= 1.41.0)
      rubocop-capybara (= 2.22.1)
      rubocop-rails (= 2.30.3)
      rubocop-rake (= 0.7.1)
      rubocop-rspec (= 3.5.0)
    rubocop-rails (2.30.3)
      activesupport (>= 4.2.0)
      lint_roller (~> 1.1)
      rack (>= 1.1)
      rubocop (>= 1.72.1, < 2.0)
      rubocop-ast (>= 1.38.0, < 2.0)
    rubocop-rake (0.7.1)
      lint_roller (~> 1.1)
      rubocop (>= 1.72.1)
    rubocop-rspec (3.5.0)
      lint_roller (~> 1.1)
      rubocop (~> 1.72, >= 1.72.1)
    ruby-progressbar (1.13.0)
    ruby2_keywords (0.0.5)
    sensible_logging (0.4.8)
      activesupport (>= 5.2, < 7.0)
      rack (>= 2, < 4)
    sentry-raven (3.1.2)
      faraday (>= 1.0)
    sequel (5.90.0)
      bigdecimal
    simplecov (0.22.0)
      docile (~> 1.1)
      simplecov-html (~> 0.11)
      simplecov_json_formatter (~> 0.1)
    simplecov-html (0.13.1)
    simplecov_json_formatter (0.1.4)
    sinatra (4.1.1)
      logger (>= 1.6.0)
      mustermann (~> 3.0)
      rack (>= 3.0.0, < 4)
      rack-protection (= 4.1.1)
      rack-session (>= 2.0.0, < 3)
      tilt (~> 2.0)
    sinatra-contrib (4.1.1)
      multi_json (>= 0.0.2)
      mustermann (~> 3.0)
      rack-protection (= 4.1.1)
      sinatra (= 4.1.1)
      tilt (~> 2.0)
    tilt (2.4.0)
    timecop (0.9.10)
    tzinfo (2.0.6)
      concurrent-ruby (~> 1.0)
    unicode-display_width (3.1.4)
      unicode-emoji (~> 4.0, >= 4.0.4)
    unicode-emoji (4.0.4)
    uri (1.0.3)
    webmock (3.25.1)
      addressable (>= 2.8.0)
      crack (>= 0.3.2)
      hashdiff (>= 0.4.0, < 2.0.0)
    zeitwerk (2.7.2)

PLATFORMS
  arm64-darwin-22
  arm64-darwin-23
  x86_64-linux

DEPENDENCIES
  aws-sdk-s3
  factory_bot
  faker
  faraday
  mysql2
  opensearch-ruby
  puma
  rack-test
  rake
  require_all
  rexml
  rspec
  rubocop-govuk
  sensible_logging
  sentry-raven
  sequel
  simplecov
  sinatra
  sinatra-contrib
  timecop
  webmock

RUBY VERSION
   ruby 3.3.5

BUNDLED WITH
   2.4.21
